GEM
  remote: https://rubygems.org/
  specs:
    nokogiri (1.5.6)
    rack (1.5.2)
    rack-protection (1.5.0)
      rack
    ruby-pinyin (0.1.0)
    sanitize (2.0.3)
      nokogiri (>= 1.4.4, < 1.6)
    sinatra (1.4.2)
      rack (~> 1.5, >= 1.5.2)
      rack-protection (~> 1.4)
      tilt (~> 1.3, >= 1.3.4)
    tilt (1.3.6)

PLATFORMS
  ruby

DEPENDENCIES
  ruby-pinyin
  sanitize
  sinatra
